GEM
  remote: https://rubygems.org/
  specs:
    ZenTest (4.11.1)
    activesupport (5.0.0.1)
      concurrent-ruby (~> 1.0, >= 1.0.2)
      i18n (~> 0.7)
      minitest (~> 5.1)
      tzinfo (~> 1.1)
    autotest (4.4.6)
      ZenTest (>= 4.4.1)
    byebug (9.0.5)
    concurrent-ruby (1.0.2)
    i18n (0.7.0)
    minitest (5.9.0)
    riot (0.12.7)
      rr
    rr (1.2.0)
    thread_safe (0.3.5)
    tzinfo (1.2.2)
      thread_safe (~> 0.1)

PLATFORMS
  ruby

DEPENDENCIES
  activesupport
  autotest
  byebug
  riot

BUNDLED WITH
   1.10.5
